GIT
  remote: https://github.com/bitaculous/thorify.git
  revision: d24a10d10c15e7d43ecdf00ab2da429da4e1c9b5
  specs:
    bitaculous-thorify (2.1.0)
      pastel (~> 0.7, >= 0.7.2)
      thor (~> 0.20, >= 0.20.0)

PATH
  remote: .
  specs:
    bitaculous-textify (0.2.0)

GEM
  remote: https://rubygems.org/
  specs:
    equatable (0.5.0)
    pastel (0.7.2)
      equatable (~> 0.5.0)
      tty-color (~> 0.4.0)
    thor (0.20.3)
    tilt (2.0.8)
    tty-color (0.4.3)

PLATFORMS
  ruby

DEPENDENCIES
  bitaculous-textify!
  bitaculous-thorify!
  tilt (~> 2.0, >= 2.0.8)

BUNDLED WITH
   1.17.1
